GEM
  remote: http://rubygems.org/
  specs:
    open4 (1.1.0)

PLATFORMS
  ruby

DEPENDENCIES
  open4 (~> 1.1.0)
